NUGET
  remote: https://nuget.org/api/v2
  specs:
    FSharp.Core (4.0.0.1)
    Newtonsoft.Json (8.0.2)
    TweetSharp-Unofficial (2.3.1.2)
      Newtonsoft.Json (>= 5.0.6)

GROUP Build
NUGET
  remote: https://nuget.org/api/v2
  specs:
    FAKE (4.19.0)
